GEM
  specs:
    json (2.6.1)
    nokogiri (1.13.8-arm64-darwin)
      racc (~> 1.4)
    racc (1.6.0)
    rake (13.0.6)

PLATFORMS
  arm64-darwin-22

DEPENDENCIES
  json
  nokogiri
  rake

BUNDLED WITH
   2.4.8
